GEM
  remote: http://rubygems.org/
  specs:
    archive-tar-minitar (0.5.2)
    childprocess (0.3.9)
      ffi (~> 1.0, >= 1.0.11)
    daemons (1.1.8)
    erubis (2.7.0)
    eventmachine (1.0.3)
    facter (1.6.18)
    ffi (1.4.0)
    hiera (1.1.2)
      json_pure
    i18n (0.6.4)
    json (1.7.7)
    json_pure (1.7.7)
    librarian-puppet (0.9.8)
      json
      thor (~> 0.15)
    log4r (1.1.10)
    net-scp (1.0.4)
      net-ssh (>= 1.99.1)
    net-ssh (2.2.2)
    puppet (3.1.1)
      facter (~> 1.6)
      hiera (~> 1.0)
    rainbow (1.1.4)
    rake (0.9.2.2)
    rexec (1.5.1)
      rainbow
    rubydns (0.4.1)
      eventmachine
      rexec
    thor (0.17.0)
    vagrant (1.0.7)
      archive-tar-minitar (= 0.5.2)
      childprocess (~> 0.3.1)
      erubis (~> 2.7.0)
      i18n (~> 0.6.0)
      json (>= 1.5.1, < 1.8.0)
      log4r (~> 1.1.9)
      net-scp (~> 1.0.4)
      net-ssh (~> 2.2.2)
    vagrant-dns (0.2.4)
      daemons
      rubydns
      vagrant

PLATFORMS
  ruby

DEPENDENCIES
  daemons (= 1.1.8)
  librarian-puppet
  puppet (= 3.1.1)
  rake (= 0.9.2.2)
  rubydns (= 0.4.1)
  vagrant (= 1.0.7)
  vagrant-dns (= 0.2.4)
